GEM
  remote: https://rubygems.org/
  specs:
    colorize (1.1.0)
    msgpack (1.7.3)

PLATFORMS
  ruby
  x86_64-linux

DEPENDENCIES
  colorize (~> 1.1)
  msgpack (~> 1.7)

BUNDLED WITH
   2.5.11
